GEM
  remote: https://rubygems.org/
  specs:
    grim (1.3.3)
    mini_portile2 (2.3.0)
    nokogiri (1.8.4)
      mini_portile2 (~> 2.3.0)

PLATFORMS
  ruby

DEPENDENCIES
  grim
  nokogiri

BUNDLED WITH
   1.16.3
